GEM
  remote: https://rubygems.org/
  specs:
    bourbon (3.1.8)
      sass (>= 3.2.0)
      thor
    haml (4.0.5)
      tilt
    hike (1.2.3)
    httparty (0.12.0)
      json (~> 1.8)
      multi_xml (>= 0.5.2)
    json (1.8.1)
    kgio (2.8.1)
    multi_json (1.8.4)
    multi_xml (0.5.5)
    newrelic_rpm (3.7.1.182)
    rack (1.5.2)
    rack-protection (1.5.1)
      rack
    raindrops (0.12.0)
    rake (10.1.1)
    redis (3.0.6)
    sass (3.2.13)
    shotgun (0.9)
      rack (>= 1.0)
    sinatra (1.4.4)
      rack (~> 1.4)
      rack-protection (~> 1.4)
      tilt (~> 1.3, >= 1.3.4)
    sprockets (2.10.1)
      hike (~> 1.2)
      multi_json (~> 1.0)
      rack (~> 1.0)
      tilt (~> 1.1, != 1.3.0)
    sprockets-sass (1.0.2)
      sprockets (~> 2.0)
      tilt (~> 1.1)
    thor (0.18.1)
    tilt (1.4.1)
    unicorn (4.8.0)
      kgio (~> 2.6)
      rack
      raindrops (~> 0.7)

PLATFORMS
  ruby

DEPENDENCIES
  bourbon
  haml
  httparty
  newrelic_rpm
  rake
  redis
  sass
  shotgun
  sinatra
  sprockets
  sprockets-sass
  unicorn
